GEM
  remote: http://rubygems.org/
  specs:
    artii (1.0.3)
    haml (3.1.7)
    metaclass (0.0.1)
    mocha (0.12.6)
      metaclass (~> 0.0.1)
    rack (1.4.1)
    rack-protection (1.2.0)
      rack
    rack-test (0.6.2)
      rack (>= 1.0)
    rake (0.9.2.2)
    ruby-net-ldap (0.0.4)
    rubyntlm (0.1.1)
    sinatra (1.3.3)
      rack (~> 1.3, >= 1.3.6)
      rack-protection (~> 1.2)
      tilt (~> 1.3, >= 1.3.3)
    sinatra-flash (0.3.0)
      sinatra (>= 1.0.0)
    tilt (1.3.3)

PLATFORMS
  ruby

DEPENDENCIES
  artii (~> 1.0)
  haml (~> 3.0)
  mocha
  rack-test
  rake
  ruby-net-ldap
  rubyntlm (~> 0.1.1)
  sinatra (~> 1.1)
  sinatra-flash
